PATH
  remote: .
  specs:
    tartarus-rb (0.1.0)
      sidekiq (>= 5)
      sidekiq-cron (~> 1)

GEM
  remote: https://rubygems.org/
  specs:
    concurrent-ruby (1.1.7)
    connection_pool (2.2.3)
    diff-lcs (1.4.4)
    et-orbi (1.2.4)
      tzinfo
    fugit (1.3.9)
      et-orbi (~> 1.1, >= 1.1.8)
      raabro (~> 1.3)
    raabro (1.4.0)
    rack (2.2.3)
    rake (13.0.1)
    redis (4.2.2)
    rspec (3.9.0)
      rspec-core (~> 3.9.0)
      rspec-expectations (~> 3.9.0)
      rspec-mocks (~> 3.9.0)
    rspec-core (3.9.3)
      rspec-support (~> 3.9.3)
    rspec-expectations (3.9.2)
      diff-lcs (>= 1.2.0, < 2.0)
      rspec-support (~> 3.9.0)
    rspec-mocks (3.9.1)
      diff-lcs (>= 1.2.0, < 2.0)
      rspec-support (~> 3.9.0)
    rspec-sidekiq (3.1.0)
      rspec-core (~> 3.0, >= 3.0.0)
      sidekiq (>= 2.4.0)
    rspec-support (3.9.3)
    sidekiq (6.1.2)
      connection_pool (>= 2.2.2)
      rack (~> 2.0)
      redis (>= 4.2.0)
    sidekiq-cron (1.2.0)
      fugit (~> 1.1)
      sidekiq (>= 4.2.1)
    tzinfo (2.0.2)
      concurrent-ruby (~> 1.0)

PLATFORMS
  ruby

DEPENDENCIES
  rake (~> 13.0)
  rspec (~> 3.0)
  rspec-sidekiq
  tartarus-rb!

BUNDLED WITH
   2.1.4
