PATH
  remote: .
  specs:
    tartarus-rb (0.4.1)
      sidekiq (>= 5)
      sidekiq-cron (~> 1)

GEM
  remote: https://rubygems.org/
  specs:
    actionpack (6.1.0.rc1)
      actionview (= 6.1.0.rc1)
      activesupport (= 6.1.0.rc1)
      rack (~> 2.0, >= 2.0.9)
      rack-test (>= 0.6.3)
      rails-dom-testing (~> 2.0)
      rails-html-sanitizer (~> 1.0, >= 1.2.0)
    actionview (6.1.0.rc1)
      activesupport (= 6.1.0.rc1)
      builder (~> 3.1)
      erubi (~> 1.4)
      rails-dom-testing (~> 2.0)
      rails-html-sanitizer (~> 1.1, >= 1.2.0)
    activemodel (6.1.0.rc1)
      activesupport (= 6.1.0.rc1)
    activerecord (6.1.0.rc1)
      activemodel (= 6.1.0.rc1)
      activesupport (= 6.1.0.rc1)
    activesupport (6.1.0.rc1)
      concurrent-ruby (~> 1.0, >= 1.0.2)
      i18n (>= 1.6, < 2)
      minitest (>= 5.1)
      tzinfo (~> 2.0)
      zeitwerk (~> 2.3)
    addressable (2.7.0)
      public_suffix (>= 2.0.2, < 5.0)
    aws-eventstream (1.1.0)
    aws-partitions (1.424.0)
    aws-sdk-core (3.112.0)
      aws-eventstream (~> 1, >= 1.0.2)
      aws-partitions (~> 1, >= 1.239.0)
      aws-sigv4 (~> 1.1)
      jmespath (~> 1.0)
    aws-sdk-glacier (1.36.0)
      aws-sdk-core (~> 3, >= 3.112.0)
      aws-sigv4 (~> 1.1)
    aws-sigv4 (1.2.2)
      aws-eventstream (~> 1, >= 1.0.2)
    builder (3.2.4)
    concurrent-ruby (1.1.7)
    connection_pool (2.2.3)
    crack (0.4.3)
      safe_yaml (~> 1.0.0)
    crass (1.0.6)
    diff-lcs (1.4.4)
    dotenv (2.7.6)
    erubi (1.10.0)
    et-orbi (1.2.4)
      tzinfo
    fugit (1.4.2)
      et-orbi (~> 1.1, >= 1.1.8)
      raabro (~> 1.4)
    hashdiff (1.0.0)
    i18n (1.8.5)
      concurrent-ruby (~> 1.0)
    jmespath (1.4.0)
    loofah (2.9.0)
      crass (~> 1.0.2)
      nokogiri (>= 1.5.9)
    method_source (1.0.0)
    mini_portile2 (2.5.0)
    minitest (5.14.2)
    nokogiri (1.11.1)
      mini_portile2 (~> 2.5.0)
      racc (~> 1.4)
    pg (1.2.3)
    postgres-copy (1.5.0)
      activerecord (>= 5.1)
      pg (>= 0.17)
      responders
    public_suffix (4.0.4)
    raabro (1.4.0)
    racc (1.5.2)
    rack (2.2.3)
    rack-test (1.1.0)
      rack (>= 1.0, < 3)
    rails-dom-testing (2.0.3)
      activesupport (>= 4.2.0)
      nokogiri (>= 1.6)
    rails-html-sanitizer (1.3.0)
      loofah (~> 2.3)
    railties (6.1.0.rc1)
      actionpack (= 6.1.0.rc1)
      activesupport (= 6.1.0.rc1)
      method_source
      rake (>= 0.8.7)
      thor (~> 1.0)
    rake (13.0.1)
    redis (4.2.2)
    responders (3.0.1)
      actionpack (>= 5.0)
      railties (>= 5.0)
    rspec (3.9.0)
      rspec-core (~> 3.9.0)
      rspec-expectations (~> 3.9.0)
      rspec-mocks (~> 3.9.0)
    rspec-core (3.9.3)
      rspec-support (~> 3.9.3)
    rspec-expectations (3.9.2)
      diff-lcs (>= 1.2.0, < 2.0)
      rspec-support (~> 3.9.0)
    rspec-mocks (3.9.1)
      diff-lcs (>= 1.2.0, < 2.0)
      rspec-support (~> 3.9.0)
    rspec-sidekiq (3.1.0)
      rspec-core (~> 3.0, >= 3.0.0)
      sidekiq (>= 2.4.0)
    rspec-support (3.9.3)
    safe_yaml (1.0.5)
    sidekiq (6.1.2)
      connection_pool (>= 2.2.2)
      rack (~> 2.0)
      redis (>= 4.2.0)
    sidekiq-cron (1.2.0)
      fugit (~> 1.1)
      sidekiq (>= 4.2.1)
    thor (1.1.0)
    timecop (0.9.2)
    tzinfo (2.0.2)
      concurrent-ruby (~> 1.0)
    vcr (6.0.0)
    webmock (3.7.6)
      addressable (>= 2.3.6)
      crack (>= 0.3.2)
      hashdiff (>= 0.4.0, < 2.0.0)
    zeitwerk (2.4.1)

PLATFORMS
  ruby

DEPENDENCIES
  activerecord (~> 6)
  aws-sdk-glacier
  dotenv
  pg
  postgres-copy
  rake (~> 13.0)
  rspec (~> 3.0)
  rspec-sidekiq
  tartarus-rb!
  timecop
  vcr
  webmock

BUNDLED WITH
   2.1.4
